PATH
  remote: .
  specs:
    cap_deploy_rightscale (0.0.1)
      capistrano
      json
      nokogiri
      right_aws

GEM
  remote: https://rubygems.org/
  specs:
    capistrano (2.13.5)
      highline
      net-scp (>= 1.0.0)
      net-sftp (>= 2.0.0)
      net-ssh (>= 2.0.14)
      net-ssh-gateway (>= 1.1.0)
    diff-lcs (1.1.3)
    fakeweb (1.3.0)
    highline (1.6.15)
    json (1.7.5)
    net-scp (1.0.4)
      net-ssh (>= 1.99.1)
    net-sftp (2.0.5)
      net-ssh (>= 2.0.9)
    net-ssh (2.6.1)
    net-ssh-gateway (1.1.0)
      net-ssh (>= 1.99.1)
    nokogiri (1.5.5)
    right_aws (3.0.4)
      right_http_connection (>= 1.2.5)
    right_http_connection (1.3.0)
    rspec (2.12.0)
      rspec-core (~> 2.12.0)
      rspec-expectations (~> 2.12.0)
      rspec-mocks (~> 2.12.0)
    rspec-core (2.12.0)
    rspec-expectations (2.12.0)
      diff-lcs (~> 1.1.3)
    rspec-mocks (2.12.0)

PLATFORMS
  ruby

DEPENDENCIES
  cap_deploy_rightscale!
  fakeweb
  rspec
